GIT
  remote: git@github.com:circleci/minitest-ci.git
  revision: 1e655bbfeafe9120db9a527794fa1125e3d99081
  specs:
    minitest-ci (3.0.4.pre)
      minitest (~> 5.0, >= 5.0.6)

GIT
  remote: git@github.com:datacentred/harbour.git
  revision: 2cd5de371af491ad0808b17c02acb47368721f73
  branch: master
  specs:
    harbour (0.1.0)
      apipie-rails (~> 0.4)
      json-schema (~> 2.7)
      maruku (~> 0.3)
      nokogiri (~> 1.7.1)
      rails (= 5.0.2)
      responders (~> 2.2)

GIT
  remote: https://github.com/datacentred/aws-s3.git
  revision: 6d8525e5f69d4d46ff51a30ca8976c7584b68f36
  specs:
    aws-s3 (0.6.3)
      builder
      mime-types
      xml-simple

GIT
  remote: https://github.com/rails/rails-observers
  revision: 3fe157d6cbb5b5e767ded248009fc59443d63fa1
  specs:
    rails-observers (0.1.3.alpha)
      activemodel (>= 4.0, < 5.1)

GIT
  remote: https://github.com/sinatra/sinatra
  revision: 9f4100a769bc62a8087a12511f26ea895e5e09c5
  specs:
    sinatra (2.0.0.beta2)
      mustermann (= 1.0.0.beta2)
      rack (~> 2.0)
      rack-protection (= 2.0.0.beta2)
      tilt (~> 2.0)

GEM
  remote: https://rubygems.org/
  remote: https://rails-assets.org/
  specs:
    actioncable (5.0.2)
      actionpack (= 5.0.2)
      nio4r (>= 1.2, < 3.0)
      websocket-driver (~> 0.6.1)
    actionmailer (5.0.2)
      actionpack (= 5.0.2)
      actionview (= 5.0.2)
      activejob (= 5.0.2)
      mail (~> 2.5, >= 2.5.4)
      rails-dom-testing (~> 2.0)
    actionpack (5.0.2)
      actionview (= 5.0.2)
      activesupport (= 5.0.2)
      rack (~> 2.0)
      rack-test (~> 0.6.3)
      rails-dom-testing (~> 2.0)
      rails-html-sanitizer (~> 1.0, >= 1.0.2)
    actionview (5.0.2)
      activesupport (= 5.0.2)
      builder (~> 3.1)
      erubis (~> 2.7.0)
      rails-dom-testing (~> 2.0)
      rails-html-sanitizer (~> 1.0, >= 1.0.3)
    activejob (5.0.2)
      activesupport (= 5.0.2)
      globalid (>= 0.3.6)
    activemodel (5.0.2)
      activesupport (= 5.0.2)
    activerecord (5.0.2)
      activemodel (= 5.0.2)
      activesupport (= 5.0.2)
      arel (~> 7.0)
    activesupport (5.0.2)
      concurrent-ruby (~> 1.0, >= 1.0.2)
      i18n (~> 0.7)
      minitest (~> 5.1)
      tzinfo (~> 1.1)
    addressable (2.5.1)
      public_suffix (~> 2.0, >= 2.0.2)
    airbrussh (1.0.2)
      sshkit (>= 1.6.1, != 1.7.0)
    apipie-rails (0.5.1)
      rails (>= 4.1)
    arel (7.1.4)
    ast (2.3.0)
    async-rails (1.5.2)
      railties (>= 3.1)
    audited (4.3.0)
      activerecord (>= 4.0, < 5.1)
      rails-observers (~> 0.1.2)
    autoprefixer-rails (6.5.4)
      execjs
    axiom-types (0.1.1)
      descendants_tracker (~> 0.0.4)
      ice_nine (~> 0.11.0)
      thread_safe (~> 0.3, >= 0.3.1)
    bcrypt (3.1.11)
    bootstrap-kaminari-views (0.0.5)
      kaminari (>= 0.13)
      rails (>= 3.1)
    bootstrap-sass (3.3.7)
      autoprefixer-rails (>= 5.2.1)
      sass (>= 3.3.4)
    brakeman (3.3.2)
    builder (3.2.3)
    bullet (5.1.1)
      activesupport (>= 3.0.0)
      uniform_notifier (~> 1.10.0)
    bundler-audit (0.5.0)
      bundler (~> 1.2)
      thor (~> 0.18)
    cancancan (1.15.0)
    capistrano (3.5.0)
      airbrussh (>= 1.0.0)
      capistrano-harrow
      i18n
      rake (>= 10.0.0)
      sshkit (>= 1.9.0)
    capistrano-bundler (1.1.4)
      capistrano (~> 3.1)
      sshkit (~> 1.2)
    capistrano-harrow (0.5.2)
    capistrano-rails (1.1.7)
      capistrano (~> 3.1)
      capistrano-bundler (~> 1.1)
    capistrano-rbenv (2.0.4)
      capistrano (~> 3.1)
      sshkit (~> 1.3)
    capybara (2.11.0)
      addressable
      mime-types (>= 1.16)
      nokogiri (>= 1.3.3)
      rack (>= 1.0.0)
      rack-test (>= 0.5.4)
      xpath (~> 2.0)
    cliver (0.3.2)
    clockwork (1.3.1)
      activesupport
      tzinfo
    clockwork_web (0.0.5)
      clockwork
      safely_block
    codeclimate-engine-rb (0.3.1)
      virtus (~> 1.0)
    coercible (1.0.0)
      descendants_tracker (~> 0.0.1)
    coffee-rails (4.2.1)
      coffee-script (>= 2.2.0)
      railties (>= 4.0.0, < 5.2.x)
    coffee-script (2.4.1)
      coffee-script-source
      execjs
    coffee-script-source (1.10.0)
    colorize (0.8.1)
    concurrent-ruby (1.0.5)
    connection_pool (2.2.1)
    countries (1.2.5)
      currencies (~> 0.4.2)
      i18n_data (~> 0.7.0)
    country_select (2.5.2)
      countries (~> 1.2.0)
      sort_alphabetical (~> 1.0)
    crack (0.4.3)
      safe_yaml (~> 1.0.0)
    css_parser (1.4.5)
      addressable
    currencies (0.4.2)
    dalli (2.7.6)
    database_cleaner (1.5.3)
    debug_inspector (0.0.2)
    deep_merge (1.0.1)
    descendants_tracker (0.0.4)
      thread_safe (~> 0.3, >= 0.3.1)
    docile (1.1.5)
    docker-api (1.31.0)
      excon (>= 0.38.0)
      json
    domain_name (0.5.20160615)
      unf (>= 0.0.5, < 1.0.0)
    equalizer (0.0.11)
    errbase (0.0.3)
    erubis (2.7.0)
    excon (0.54.0)
    execjs (2.7.0)
    faker (1.6.3)
      i18n (~> 0.5)
    faraday (0.9.2)
      multipart-post (>= 1.2, < 3)
    faraday_middleware (0.10.0)
      faraday (>= 0.7.4, < 0.10)
    flay (2.8.0)
      erubis (~> 2.7.0)
      path_expander (~> 1.0)
      ruby_parser (~> 3.0)
      sexp_processor (~> 4.0)
    flog (4.4.0)
      path_expander (~> 1.0)
      ruby_parser (~> 3.1, > 3.1.0)
      sexp_processor (~> 4.4)
    fog-core (1.43.0)
      builder
      excon (~> 0.49)
      formatador (~> 0.2)
    fog-json (1.0.2)
      fog-core (~> 1.0)
      multi_json (~> 1.10)
    fog-openstack (0.1.7)
      fog-core (>= 1.40)
      fog-json (>= 1.0)
      ipaddress (>= 0.8)
    font-awesome-sass (4.7.0)
      sass (>= 3.2)
    formatador (0.2.5)
    geo_ip (0.6.2)
      rest-client (~> 1.6)
    get_process_mem (0.2.1)
    gibberish (2.1.0)
    globalid (0.4.0)
      activesupport (>= 4.2.0)
    gravatar_image_tag (1.2.0)
    haml (4.0.7)
      tilt
    hashdiff (0.3.0)
    hashie (3.4.4)
    hiredis (0.6.1)
    holidays (2.2.0)
    honeybadger (2.6.0)
    htmlentities (4.3.4)
    http-cookie (1.0.2)
      domain_name (~> 0.5)
    i18n (0.8.1)
    i18n_data (0.7.0)
    i18n_yaml_sorter (0.2.0)
    ice_nine (0.11.2)
    ipaddress (0.8.3)
    jquery-rails (4.1.1)
      rails-dom-testing (>= 1, < 3)
      railties (>= 4.2.0)
      thor (>= 0.14, < 2.0)
    jquery-ui-rails (5.0.5)
      railties (>= 3.2.16)
    js-routes (1.2.6)
      railties (>= 3.2)
      sprockets-rails
    json (1.8.6)
    json-schema (2.8.0)
      addressable (>= 2.4)
    kaminari (0.17.0)
      actionpack (>= 3.0.0)
      activesupport (>= 3.0.0)
    kgio (2.10.0)
    launchy (2.4.3)
      addressable (~> 2.3)
    libv8 (3.16.14.15)
    loofah (2.0.3)
      nokogiri (>= 1.5.9)
    machinist (2.0)
    mail (2.6.5)
      mime-types (>= 1.16, < 4)
    maruku (0.7.3)
    maxmind (0.4.7)
    method_source (0.8.2)
    mime-types (2.99.3)
    mini_portile2 (2.1.0)
    minitest (5.10.1)
    minitest-capybara (0.8.2)
      capybara (~> 2.2)
      minitest (~> 5.0)
      rake
    minitest-metadata (0.6.0)
      minitest (>= 4.7, < 6.0)
    minitest-rails (3.0.0)
      minitest (~> 5.8)
      railties (~> 5.0)
    minitest-rails-capybara (3.0.0)
      capybara (~> 2.7)
      minitest-capybara (~> 0.8)
      minitest-metadata (~> 0.6)
      minitest-rails (~> 3.0)
    momentjs-rails (2.8.4)
      railties (>= 3.1)
    multi_json (1.12.1)
    multipart-post (1.2.0)
    mustermann (1.0.0.beta2)
    mysql2 (0.4.4)
    net-scp (1.2.1)
      net-ssh (>= 2.6.5)
    net-ssh (2.8.0)
    netrc (0.11.0)
    newrelic_rpm (3.17.2.327)
    nio4r (2.0.0)
    nokogiri (1.7.1)
      mini_portile2 (~> 2.1.0)
    parallel (1.9.0)
    paranoia (2.2.0)
      activerecord (>= 4.0, < 5.1)
    parser (2.3.1.2)
      ast (~> 2.2)
    path_expander (1.0.0)
    poltergeist (1.10.0)
      capybara (~> 2.1)
      cliver (~> 0.3.1)
      websocket-driver (>= 0.2.0)
    premailer (1.8.7)
      css_parser (>= 1.4.5)
      htmlentities (>= 4.0.0)
    premailer-rails (1.9.3)
      actionmailer (>= 3, < 6)
      premailer (~> 1.7, >= 1.7.9)
    public_suffix (2.0.5)
    puma (3.5.2)
    rack (2.0.1)
    rack-attack (4.4.1)
      rack
    rack-mini-profiler (0.10.1)
      rack (>= 1.2.0)
    rack-protection (2.0.0.beta2)
      rack
    rack-test (0.6.3)
      rack (>= 1.0)
    rails (5.0.2)
      actioncable (= 5.0.2)
      actionmailer (= 5.0.2)
      actionpack (= 5.0.2)
      actionview (= 5.0.2)
      activejob (= 5.0.2)
      activemodel (= 5.0.2)
      activerecord (= 5.0.2)
      activesupport (= 5.0.2)
      bundler (>= 1.3.0, < 2.0)
      railties (= 5.0.2)
      sprockets-rails (>= 2.0.0)
    rails-assets-angular (1.6.2)
    rails-assets-angular-animate (1.6.2)
      rails-assets-angular (= 1.6.2)
    rails-assets-angular-bootstrap (0.14.3)
      rails-assets-angular (>= 1.3.0)
    rails-assets-angular-file-upload (2.5.0)
      rails-assets-angular (>= 1.1.5, < 2)
    rails-assets-angular-gravatar (0.4.2)
      rails-assets-angular (>= 1.0.0, < 2.0.0)
    rails-assets-angular-inview (2.2.0)
      rails-assets-angular (~> 1)
    rails-assets-angular-md5 (0.1.10)
      rails-assets-angular
    rails-assets-angular-resource (1.6.2)
      rails-assets-angular (= 1.6.2)
    rails-assets-angular-sanitize (1.6.2)
      rails-assets-angular (= 1.6.2)
    rails-assets-bootstrap-select (1.10.0)
      rails-assets-jquery (>= 1.8)
    rails-assets-bootstrap-toggle (2.2.2)
    rails-assets-chained (1.0.0)
    rails-assets-clipboard (1.5.16)
    rails-assets-hideShowPassword (2.0.11)
      rails-assets-jquery (>= 1.11)
    rails-assets-highcharts (4.2.5)
    rails-assets-jquery (3.0.0)
    rails-assets-jquery.terminal (0.10.12)
      rails-assets-jquery
    rails-assets-normalize-css (3.0.3)
    rails-controller-testing (0.1.1)
      actionpack (~> 5.x)
      actionview (~> 5.x)
      activesupport (~> 5.x)
    rails-dom-testing (2.0.2)
      activesupport (>= 4.2.0, < 6.0)
      nokogiri (~> 1.6)
    rails-html-sanitizer (1.0.3)
      loofah (~> 2.0)
    railties (5.0.2)
      actionpack (= 5.0.2)
      activesupport (= 5.0.2)
      method_source
      rake (>= 0.8.7)
      thor (>= 0.18.1, < 2.0)
    rainbow (2.1.0)
    raindrops (0.16.0)
    rake (12.0.0)
    rdoc (4.2.2)
      json (~> 1.4)
    recaptcha (3.2.0)
      json
    redcarpet (3.3.4)
    redis (3.3.2)
    redis-namespace (1.5.2)
      redis (~> 3.0, >= 3.0.4)
    reek (4.1.0)
      codeclimate-engine-rb (~> 0.3.1)
      parser (~> 2.3.1, >= 2.3.1.2)
      rainbow (~> 2.0)
    ref (2.0.0)
    responders (2.3.0)
      railties (>= 4.2.0, < 5.1)
    rest-client (1.8.0)
      http-cookie (>= 1.0.2, < 2.0)
      mime-types (>= 1.16, < 3.0)
      netrc (~> 0.7)
    restforce (2.2.1)
      faraday (~> 0.9.0)
      faraday_middleware (>= 0.8.8)
      hashie (>= 1.2.0, < 4.0)
      json (>= 1.7.5, < 1.9.0)
    rspec-core (3.5.0)
      rspec-support (~> 3.5.0)
    rspec-support (3.5.0)
    rspec_junit_formatter (0.2.2)
      builder (< 4)
      rspec-core (>= 2, < 4, != 2.12.0)
    ruby_parser (3.8.2)
      sexp_processor (~> 4.1)
    rubycritic (2.9.2)
      colorize
      flay (= 2.8.0)
      flog (= 4.4.0)
      launchy (= 2.4.3)
      parser (= 2.3.1.2)
      reek (= 4.1.0)
      ruby_parser (~> 3.8)
      virtus (~> 1.0)
    safe_yaml (1.0.4)
    safely_block (0.1.1)
      errbase
    sass (3.4.23)
    sass-rails (5.0.6)
      railties (>= 4.0.0, < 6)
      sass (~> 3.1)
      sprockets (>= 2.8, < 4.0)
      sprockets-rails (>= 2.0, < 4.0)
      tilt (>= 1.1, < 3)
    sdoc (0.4.1)
      json (~> 1.7, >= 1.7.7)
      rdoc (~> 4.0)
    select2-rails (3.5.9.3)
      thor (~> 0.14)
    sexp_processor (4.7.0)
    sidekiq (4.2.7)
      concurrent-ruby (~> 1.0)
      connection_pool (~> 2.2, >= 2.2.0)
      rack-protection (>= 1.5.0)
      redis (~> 3.2, >= 3.2.1)
    simplecov (0.12.0)
      docile (~> 1.1.0)
      json (>= 1.8, < 3)
      simplecov-html (~> 0.10.0)
    simplecov-html (0.10.0)
    sirportly (1.4.2)
      multipart-post (~> 1.2.0)
    slack-notifier (1.5.1)
    sort_alphabetical (1.0.2)
      unicode_utils (>= 1.2.2)
    soulheart (0.3.0)
      multi_json (~> 1.11, >= 1.11.2)
      redis (~> 3.0, >= 3.0.5)
      sinatra (>= 1.4.4)
      vegas (>= 0.1.0)
    spring (1.1.3)
    sprockets (3.7.1)
      concurrent-ruby (~> 1.0)
      rack (> 1, < 3)
    sprockets-rails (3.2.0)
      actionpack (>= 4.0)
      activesupport (>= 4.0)
      sprockets (>= 3.0.0)
    sshkit (1.11.1)
      net-scp (>= 1.1.2)
      net-ssh (>= 2.8.0)
    starburst (1.0.3)
      rails (>= 3.0)
    statesman (2.0.1)
    stripe (1.44.0)
      rest-client (~> 1.4)
    stripe-rails (0.3.1)
      rails (>= 3)
      stripe
    tel_to_helper (0.1.0)
      rails
    therubyracer (0.12.2)
      libv8 (~> 3.16.14.0)
      ref
    thor (0.19.4)
    thread_safe (0.3.6)
    tilt (2.0.5)
    timecop (0.8.1)
    traceroute (0.5.0)
      rails (>= 3.0.0)
    tzinfo (1.2.3)
      thread_safe (~> 0.1)
    uglifier (3.0.0)
      execjs (>= 0.3.0, < 3)
    unf (0.1.4)
      unf_ext
    unf_ext (0.0.7.2)
    unicode_utils (1.4.0)
    unicorn (5.1.0)
      kgio (~> 2.6)
      raindrops (~> 0.7)
    unicorn-worker-killer (0.4.4)
      get_process_mem (~> 0)
      unicorn (>= 4, < 6)
    uniform_notifier (1.10.0)
    useragent (0.16.7)
    vcr (2.9.3)
    vegas (0.1.11)
      rack (>= 1.0.0)
    verbs (2.1.4)
      activesupport (>= 2.3.4)
      i18n
    virtus (1.0.5)
      axiom-types (~> 0.1)
      coercible (~> 1.0)
      descendants_tracker (~> 0.0, >= 0.0.3)
      equalizer (~> 0.0, >= 0.0.9)
    web-console (3.3.0)
      activemodel (>= 4.2)
      debug_inspector
      railties (>= 4.2)
    webmock (2.1.0)
      addressable (>= 2.3.6)
      crack (>= 0.3.2)
      hashdiff
    websocket-driver (0.6.5)
      websocket-extensions (>= 0.1.0)
    websocket-extensions (0.1.2)
    world-flags (0.6.5)
      hashie (>= 1.2)
      i18n (>= 0.6)
    xml-simple (1.1.5)
    xpath (2.0.0)
      nokogiri (~> 1.3)

PLATFORMS
  ruby

DEPENDENCIES
  async-rails (~> 1.5)
  audited (~> 4.3)
  aws-s3!
  bcrypt (~> 3.1)
  bootstrap-kaminari-views (~> 0.0.5)
  bootstrap-sass (~> 3.3.7)
  brakeman
  bullet
  bundler-audit
  cancancan (~> 1.15)
  capistrano (~> 3.1)
  capistrano-bundler (~> 1.1.2)
  capistrano-rails (~> 1.1)
  capistrano-rbenv (~> 2.0)
  clockwork (~> 1.2)
  clockwork_web (~> 0.0.5)
  coffee-rails (~> 4.1)
  countries
  country_select (~> 2.2)
  dalli (~> 2.7)
  database_cleaner (~> 1.5)
  deep_merge (~> 1.0)
  docker-api (~> 1.31)
  faker
  faraday (~> 0.9)
  fog-openstack (~> 0.1)
  font-awesome-sass (~> 4.5)
  geo_ip (~> 0.6)
  gibberish (~> 2.1)
  gravatar_image_tag (~> 1.2.0)
  haml (~> 4.0)
  harbour!
  hiredis (~> 0.6.0)
  holidays (~> 2.2)
  honeybadger (~> 2.3)
  i18n_yaml_sorter (~> 0.2.0)
  jquery-rails
  jquery-ui-rails
  js-routes (~> 1.2)
  kaminari (~> 0.16)
  launchy
  machinist
  maxmind (~> 0.4)
  minitest-ci!
  minitest-rails
  minitest-rails-capybara
  momentjs-rails (~> 2.8.3)
  mysql2 (~> 0.3)
  net-ssh (~> 2.8.0)
  newrelic_rpm (~> 3.9)
  nokogiri (~> 1.7.1)
  parallel
  paranoia (~> 2.2)
  poltergeist
  premailer-rails (~> 1.9)
  puma
  rack-attack
  rack-mini-profiler
  rails (= 5.0.2)
  rails-assets-angular (~> 1.4)!
  rails-assets-angular-animate (~> 1.2)!
  rails-assets-angular-bootstrap (~> 0.11)!
  rails-assets-angular-file-upload!
  rails-assets-angular-gravatar (~> 0.2)!
  rails-assets-angular-inview (~> 2.2)!
  rails-assets-angular-md5 (~> 0.1)!
  rails-assets-angular-resource (~> 1.2)!
  rails-assets-angular-sanitize (~> 1.2)!
  rails-assets-bootstrap-select (~> 1.7)!
  rails-assets-bootstrap-toggle!
  rails-assets-chained (~> 1.0)!
  rails-assets-clipboard (~> 1.5)!
  rails-assets-hideShowPassword (~> 2.0)!
  rails-assets-highcharts!
  rails-assets-jquery.terminal (~> 0.10)!
  rails-assets-normalize-css (~> 3.0)!
  rails-controller-testing
  rails-observers!
  recaptcha
  redcarpet (~> 3.3)
  redis (>= 3.2.0)
  redis-namespace
  responders (~> 2.0)
  rest-client (~> 1.8)
  restforce (~> 2.1)
  rspec_junit_formatter (= 0.2.2)
  rubycritic
  sass-rails (~> 5.0)
  sdoc (~> 0.4.0)
  select2-rails (~> 3.5.9.1)
  sidekiq (~> 4.0)
  simplecov
  sinatra!
  sirportly (~> 1.3)
  slack-notifier (~> 1.2)
  soulheart
  spring (~> 1.1.3)
  sprockets (~> 3.7)
  starburst (~> 1.0)
  statesman (~> 2.0)
  stripe-rails (~> 0.3)
  tel_to_helper
  therubyracer (~> 0.12.2)
  timecop
  traceroute
  uglifier (>= 2.7)
  unicorn (~> 5.0)
  unicorn-worker-killer (~> 0.4.4)
  useragent
  vcr (= 2.9.3)
  verbs (~> 2.1.4)
  web-console (~> 3.0)
  webmock
  world-flags (~> 0.6)

BUNDLED WITH
   1.14.6
