GIT
  remote: https://github.com/collectiveidea/audited.git
  revision: 8533f6490223f8f7f9027442cb90fec962450100
  tag: v4.0.0.rc1
  specs:
    audited (4.0.0.rc1)
      rails-observers (~> 0.1.2)
    audited-activerecord (4.0.0.rc1)
      activerecord (~> 4.0)
      audited (= 4.0.0.rc1)

GEM
  remote: https://rubygems.org/
  remote: https://rails-assets.org/
  specs:
    actionmailer (4.1.6)
      actionpack (= 4.1.6)
      actionview (= 4.1.6)
      mail (~> 2.5, >= 2.5.4)
    actionpack (4.1.6)
      actionview (= 4.1.6)
      activesupport (= 4.1.6)
      rack (~> 1.5.2)
      rack-test (~> 0.6.2)
    actionview (4.1.6)
      activesupport (= 4.1.6)
      builder (~> 3.1)
      erubis (~> 2.7.0)
    activemodel (4.1.6)
      activesupport (= 4.1.6)
      builder (~> 3.1)
    activerecord (4.1.6)
      activemodel (= 4.1.6)
      activesupport (= 4.1.6)
      arel (~> 5.0.0)
    activesupport (4.1.6)
      i18n (~> 0.6, >= 0.6.9)
      json (~> 1.7, >= 1.7.7)
      minitest (~> 5.1)
      thread_safe (~> 0.1)
      tzinfo (~> 1.1)
    arel (5.0.1.20140414130214)
    async-rails (0.9.0)
      railties (>= 3.1)
    bcrypt (3.1.7)
    bootstrap-kaminari-views (0.0.5)
      kaminari (>= 0.13)
      rails (>= 3.1)
    bootstrap-sass (3.1.1.1)
      sass (~> 3.2)
    builder (3.2.2)
    cancancan (1.9.2)
    capistrano (3.2.1)
      i18n
      rake (>= 10.0.0)
      sshkit (~> 1.3)
    capistrano-bundler (1.1.3)
      capistrano (~> 3.1)
      sshkit (~> 1.2)
    capistrano-rails (1.1.2)
      capistrano (~> 3.1)
      capistrano-bundler (~> 1.1)
    capistrano-rbenv (2.0.2)
      capistrano (~> 3.1)
      sshkit (~> 1.3)
    capybara (2.4.3)
      mime-types (>= 1.16)
      nokogiri (>= 1.3.3)
      rack (>= 1.0.0)
      rack-test (>= 0.5.4)
      xpath (~> 2.0)
    celluloid (0.15.2)
      timers (~> 1.1.0)
    cliver (0.3.2)
    coffee-rails (4.0.1)
      coffee-script (>= 2.2.0)
      railties (>= 4.0.0, < 5.0)
    coffee-script (2.3.0)
      coffee-script-source
      execjs
    coffee-script-source (1.8.0)
    colorize (0.7.3)
    connection_pool (2.0.0)
    database_cleaner (0.8.0)
    erubis (2.7.0)
    excon (0.39.5)
    execjs (2.2.1)
    faker (1.4.3)
      i18n (~> 0.5)
    faraday (0.9.0)
      multipart-post (>= 1.2, < 3)
    fog (1.22.1)
      fog-brightbox
      fog-core (~> 1.22)
      fog-json
      ipaddress (~> 0.5)
      nokogiri (~> 1.5, >= 1.5.11)
    fog-brightbox (0.5.1)
      fog-core (~> 1.22)
      fog-json
      inflecto
    fog-core (1.24.0)
      builder
      excon (~> 0.38)
      formatador (~> 0.2)
      mime-types
      net-scp (~> 1.1)
      net-ssh (>= 2.1.3)
    fog-json (1.0.0)
      multi_json (~> 1.0)
    font-awesome-sass (4.1.0)
      sass (~> 3.2)
    formatador (0.2.5)
    gravatar_image_tag (1.2.0)
    haml (4.0.5)
      tilt
    hike (1.2.3)
    hipchat (1.3.0)
      httparty
    honeybadger (1.7.0)
      json
    httparty (0.13.1)
      json (~> 1.8)
      multi_xml (>= 0.5.2)
    i18n (0.6.11)
    i18n_yaml_sorter (0.2.0)
    inflecto (0.0.2)
    ipaddress (0.8.0)
    jbuilder (2.1.3)
      activesupport (>= 3.0.0, < 5)
      multi_json (~> 1.2)
    jquery-rails (3.1.2)
      railties (>= 3.0, < 5.0)
      thor (>= 0.14, < 2.0)
    js-routes (0.9.9)
      railties (>= 3.2)
      sprockets-rails
    json (1.8.1)
    kaminari (0.16.1)
      actionpack (>= 3.0.0)
      activesupport (>= 3.0.0)
    kgio (2.9.2)
    libv8 (3.16.14.7)
    logstash-event (1.1.5)
    logstasher (0.5.3)
      logstash-event (~> 1.1.0)
      request_store
    machinist (2.0)
    mail (2.6.1)
      mime-types (>= 1.16, < 3)
    mime-types (2.3)
    mini_portile (0.6.0)
    minitest (5.4.1)
    minitest-rails (2.1.0)
      minitest (~> 5.4)
      railties (~> 4.1)
    momentjs-rails (2.8.3)
      railties (>= 3.1)
    multi_json (1.10.1)
    multi_xml (0.5.5)
    multipart-post (2.0.0)
    mysql2 (0.3.16)
    net-scp (1.2.1)
      net-ssh (>= 2.6.5)
    net-ssh (2.8.0)
    newrelic_rpm (3.9.4.245)
    nokogiri (1.6.3.1)
      mini_portile (= 0.6.0)
    poltergeist (1.5.1)
      capybara (~> 2.1)
      cliver (~> 0.3.1)
      multi_json (~> 1.0)
      websocket-driver (>= 0.2.0)
    rack (1.5.2)
    rack-test (0.6.2)
      rack (>= 1.0)
    rails (4.1.6)
      actionmailer (= 4.1.6)
      actionpack (= 4.1.6)
      actionview (= 4.1.6)
      activemodel (= 4.1.6)
      activerecord (= 4.1.6)
      activesupport (= 4.1.6)
      bundler (>= 1.3.0, < 2.0)
      railties (= 4.1.6)
      sprockets-rails (~> 2.0)
    rails-assets-angular (1.2.25)
    rails-assets-angular-animate (1.2.25)
      rails-assets-angular (= 1.2.25)
    rails-assets-angular-bootstrap (0.11.0)
      rails-assets-angular (>= 1)
    rails-assets-angular-gravatar (0.2.1)
      rails-assets-angular (~> 1.2.0)
    rails-assets-angular-infinite-scroll (0.0.1)
    rails-assets-angular-md5 (0.1.7)
      rails-assets-angular
    rails-assets-angular-resource (1.2.25)
      rails-assets-angular (= 1.2.25)
    rails-assets-angular-sanitize (1.2.25)
      rails-assets-angular (= 1.2.25)
    rails-assets-normalize-css (3.0.1)
    rails-observers (0.1.2)
      activemodel (~> 4.0)
    railties (4.1.6)
      actionpack (= 4.1.6)
      activesupport (= 4.1.6)
      rake (>= 0.8.7)
      thor (>= 0.18.1, < 2.0)
    raindrops (0.13.0)
    rake (10.3.2)
    rdoc (4.1.2)
      json (~> 1.4)
    redcarpet (3.1.2)
    redis (3.1.0)
    redis-namespace (1.5.1)
      redis (~> 3.0, >= 3.0.4)
    ref (1.0.5)
    request_store (1.1.0)
    sass (3.2.19)
    sass-rails (4.0.3)
      railties (>= 4.0.0, < 5.0)
      sass (~> 3.2.0)
      sprockets (~> 2.8, <= 2.11.0)
      sprockets-rails (~> 2.0)
    sdoc (0.4.1)
      json (~> 1.7, >= 1.7.7)
      rdoc (~> 4.0)
    select2-rails (3.5.9.1)
      thor (~> 0.14)
    sidekiq (3.2.5)
      celluloid (= 0.15.2)
      connection_pool (>= 2.0.0)
      json
      redis (>= 3.0.6)
      redis-namespace (>= 1.3.1)
    sirportly (1.3.6)
      multipart-post (~> 2.0.0)
    spring (1.1.3)
    sprockets (2.11.0)
      hike (~> 1.2)
      multi_json (~> 1.0)
      rack (~> 1.0)
      tilt (~> 1.1, != 1.3.0)
    sprockets-rails (2.1.4)
      actionpack (>= 3.0)
      activesupport (>= 3.0)
      sprockets (~> 2.8)
    sshkit (1.5.1)
      colorize
      net-scp (>= 1.1.2)
      net-ssh (>= 2.8.0)
    strongbox (0.7.0)
      activerecord
    therubyracer (0.12.1)
      libv8 (~> 3.16.14.0)
      ref
    thor (0.19.1)
    thread_safe (0.3.4)
    tilt (1.4.1)
    timers (1.1.0)
    tzinfo (1.2.2)
      thread_safe (~> 0.1)
    uglifier (2.5.3)
      execjs (>= 0.3.0)
      json (>= 1.8.0)
    unicorn (4.8.3)
      kgio (~> 2.6)
      rack
      raindrops (~> 0.7)
    unicorn-worker-killer (0.4.2)
      unicorn (~> 4)
    verbs (2.1.4)
      activesupport (>= 2.3.4)
      i18n
    websocket-driver (0.3.4)
    xpath (2.0.0)
      nokogiri (~> 1.3)

PLATFORMS
  ruby

DEPENDENCIES
  async-rails (~> 0.9.0)
  audited-activerecord!
  bcrypt (~> 3.1.7)
  bootstrap-kaminari-views (~> 0.0.5)
  bootstrap-sass (~> 3.1.1)
  cancancan (~> 1.9.2)
  capistrano (~> 3.1)
  capistrano-bundler (~> 1.1.2)
  capistrano-rails (~> 1.1)
  capistrano-rbenv (~> 2.0)
  capybara
  coffee-rails (~> 4.0.0)
  database_cleaner (~> 0.8.0)
  faker
  faraday (~> 0.9.0)
  fog (~> 1.22.0)
  font-awesome-sass (~> 4.1.0)
  gravatar_image_tag (~> 1.2.0)
  haml (~> 4.0.5)
  hipchat (~> 1.3.0)
  honeybadger (~> 1.7.0)
  i18n_yaml_sorter (~> 0.2.0)
  jbuilder (~> 2.0)
  jquery-rails (~> 3.1.2)
  js-routes (~> 0.9.9)
  kaminari (~> 0.16.1)
  logstasher (~> 0.5.3)
  machinist
  minitest-rails
  momentjs-rails (~> 2.8.3)
  mysql2 (~> 0.3.16)
  net-ssh (~> 2.8.0)
  newrelic_rpm (~> 3.9.2)
  poltergeist
  rails (= 4.1.6)
  rails-assets-angular (~> 1.2.24)
  rails-assets-angular-animate (~> 1.2.24)
  rails-assets-angular-bootstrap (~> 0.11.0)
  rails-assets-angular-gravatar (~> 0.2.1)
  rails-assets-angular-infinite-scroll (~> 0.0.1)
  rails-assets-angular-md5 (~> 0.1.7)
  rails-assets-angular-resource (~> 1.2.24)
  rails-assets-angular-sanitize (~> 1.2.24)
  rails-assets-normalize-css
  redcarpet (~> 3.1.2)
  sass-rails (~> 4.0.3)
  sdoc (~> 0.4.0)
  select2-rails (~> 3.5.9.1)
  sidekiq (~> 3.2.4)
  sirportly (~> 1.3.6)
  spring (~> 1.1.3)
  strongbox (~> 0.7.0)
  therubyracer (~> 0.12.1)
  uglifier (>= 1.3.0)
  unicorn (~> 4.8.3)
  unicorn-worker-killer (~> 0.4.2)
  verbs (~> 2.1.4)
